GIT
  remote: git://github.com/spesnova/lita-ascii-art.git
  revision: 1d487d18e8c4316c627a0c72723093f83ca1a241
  specs:
    lita-ascii-art (0.0.2)
      artii (>= 2.0.4)
      lita (>= 3.0.0)
      lita-keyword-arguments

GEM
  remote: https://rubygems.org/
  specs:
    artii (2.0.4)
    chronic (0.10.2)
    coderay (1.1.0)
    dogapi (1.11.0)
      json (>= 1.5.1)
    dotenv (0.11.1)
      dotenv-deployment (~> 0.0.2)
    dotenv-deployment (0.0.2)
    faraday (0.9.0)
      multipart-post (>= 1.2, < 3)
    http_router (0.11.1)
      rack (>= 1.0.0)
      url_mount (~> 0.2.1)
    i18n (0.6.11)
    ice_nine (0.11.0)
    json (1.8.1)
    lita (3.3.1)
      bundler (>= 1.3)
      faraday (>= 0.8.7)
      http_router (>= 0.11.1)
      i18n (>= 0.6.9)
      ice_nine (>= 0.11.0)
      multi_json (>= 1.7.7)
      puma (>= 2.7.1)
      rack (>= 1.5.2)
      rb-readline (>= 0.5.1)
      redis-namespace (>= 1.3.0)
      thor (>= 0.18.1)
    lita-coin (0.0.3)
      lita (>= 2.3)
    lita-datadog (0.2.0)
      chronic
      dogapi
      lita (>= 3.0)
    lita-dice (0.0.1)
      lita (>= 2.7)
    lita-dig (0.6.0)
      lita (>= 3.1)
      net-dns
    lita-google (0.1.0)
      lita (>= 2.6)
    lita-keyword-arguments (0.0.1)
      lita (>= 3.2)
      slop (>= 3.5)
    lita-slack (0.1.1)
      lita (>= 2.7)
      lita-slack-handler (>= 0.2.1)
    lita-slack-handler (0.2.1)
      lita (~> 3.0)
    method_source (0.8.2)
    multi_json (1.10.1)
    multipart-post (2.0.0)
    net-dns (0.8.0)
    pry (0.10.1)
      coderay (~> 1.1.0)
      method_source (~> 0.8.1)
      slop (~> 3.4)
    puma (2.9.0)
      rack (>= 1.1, < 2.0)
    rack (1.5.2)
    rb-readline (0.5.1)
    redis (3.1.0)
    redis-namespace (1.5.1)
      redis (~> 3.0, >= 3.0.4)
    slop (3.6.0)
    thor (0.19.1)
    url_mount (0.2.1)
      rack

PLATFORMS
  ruby

DEPENDENCIES
  dotenv
  lita
  lita-ascii-art!
  lita-coin
  lita-datadog
  lita-dice
  lita-dig
  lita-google
  lita-slack
  lita-slack-handler
  pry
